GEM
  remote: https://rubygems.org/
  specs:
    byebug (11.1.3)
    declarative (0.0.10)
    declarative-builder (0.1.0)
      declarative-option (< 0.2.0)
    declarative-option (0.1.0)
    diff-lcs (1.4.2)
    disposable (0.4.7)
      declarative (>= 0.0.9, < 1.0.0)
      declarative-builder (< 0.2.0)
      declarative-option (< 0.2.0)
      representable (>= 2.4.0, <= 3.1.0)
      uber (< 0.2.0)
    hirb (0.7.3)
    reform (2.3.1)
      disposable (>= 0.4.2, < 0.5.0)
      representable (>= 2.4.0, < 3.1.0)
      uber (< 0.2.0)
    representable (3.0.4)
      declarative (< 0.1.0)
      declarative-option (< 0.2.0)
      uber (< 0.2.0)
    rspec (3.9.0)
      rspec-core (~> 3.9.0)
      rspec-expectations (~> 3.9.0)
      rspec-mocks (~> 3.9.0)
    rspec-core (3.9.2)
      rspec-support (~> 3.9.3)
    rspec-expectations (3.9.2)
      diff-lcs (>= 1.2.0, < 2.0)
      rspec-support (~> 3.9.0)
    rspec-mocks (3.9.1)
      diff-lcs (>= 1.2.0, < 2.0)
      rspec-support (~> 3.9.0)
    rspec-support (3.9.3)
    trailblazer (2.1.0)
      trailblazer-macro (>= 2.1.0, < 2.2.0)
      trailblazer-macro-contract (>= 2.1.0, < 2.2.0)
      trailblazer-operation
    trailblazer-activity (0.10.1)
      trailblazer-context (>= 0.2.0, < 0.3.0)
    trailblazer-activity-dsl-linear (0.2.8)
      trailblazer-activity (>= 0.9.1, < 1.0.0)
    trailblazer-context (0.2.0)
    trailblazer-developer (0.0.13)
      hirb
      representable
      trailblazer-activity (>= 0.10.0, < 1.0.0)
      trailblazer-activity-dsl-linear
    trailblazer-macro (2.1.2)
      trailblazer-activity (>= 0.10.0, < 1.0.0)
      trailblazer-activity-dsl-linear (>= 0.2.7, < 1.0.0)
      trailblazer-operation (>= 0.6.2)
    trailblazer-macro-contract (2.1.0)
      reform (>= 2.2.0, < 3.0.0)
    trailblazer-operation (0.6.2)
      trailblazer-activity (>= 0.10.0, < 1.0.0)
      trailblazer-activity-dsl-linear (>= 0.2.6, < 1.0.0)
      trailblazer-developer (>= 0.0.8)
    uber (0.1.0)

PLATFORMS
  ruby

DEPENDENCIES
  byebug
  rspec
  trailblazer (~> 2.1)

BUNDLED WITH
   2.1.2
